PATH
  remote: .
  specs:
    itunes_api (2.4.0)
      faraday
      selfies

GEM
  remote: https://rubygems.org/
  specs:
    ast (2.4.0)
    diff-lcs (1.3)
    docile (1.3.2)
    faraday (0.17.1)
      multipart-post (>= 1.2, < 3)
    jaro_winkler (1.5.4)
    json (2.3.0)
    multipart-post (2.1.1)
    parallel (1.19.1)
    parser (2.7.0.0)
      ast (~> 2.4.0)
    rainbow (3.0.0)
    rake (13.0.1)
    rspec (3.9.0)
      rspec-core (~> 3.9.0)
      rspec-expectations (~> 3.9.0)
      rspec-mocks (~> 3.9.0)
    rspec-core (3.9.0)
      rspec-support (~> 3.9.0)
    rspec-expectations (3.9.0)
      diff-lcs (>= 1.2.0, < 2.0)
      rspec-support (~> 3.9.0)
    rspec-mocks (3.9.0)
      diff-lcs (>= 1.2.0, < 2.0)
      rspec-support (~> 3.9.0)
    rspec-support (3.9.0)
    rubocop (0.78.0)
      jaro_winkler (~> 1.5.1)
      parallel (~> 1.10)
      parser (>= 2.6)
      rainbow (>= 2.2.2, < 4.0)
      ruby-progressbar (~> 1.7)
      unicode-display_width (>= 1.4.0, < 1.7)
    ruby-progressbar (1.10.1)
    selfies (1.5.1)







PLATFORMS
  ruby

DEPENDENCIES
  itunes_api!
  rake
  rspec
  rubocop
  vcr

RUBY VERSION
   ruby 2.7.0p0

BUNDLED WITH
   2.1.2
